FRAMEWORK: NET40, NET45
NUGET
  remote: https://www.nuget.org/api/v2
  specs:
    FluentAssertions (3.5)
    NUnit (2.6.4)

GROUP Build
NUGET
  remote: https://www.nuget.org/api/v2
  specs:
    FAKE (4.21.1)

GROUP Test
NUGET
  remote: https://www.nuget.org/api/v2
  specs:
    NUnit.Runners (2.6.4)
